GEM
  remote: https://rubygems.org/
  specs:
    actionpack (6.1.3.2)
      actionview (= 6.1.3.2)
      activesupport (= 6.1.3.2)
      rack (~> 2.0, >= 2.0.9)
      rack-test (>= 0.6.3)
      rails-dom-testing (~> 2.0)
      rails-html-sanitizer (~> 1.0, >= 1.2.0)
    actionview (6.1.3.2)
      activesupport (= 6.1.3.2)
      builder (~> 3.1)
      erubi (~> 1.4)
      rails-dom-testing (~> 2.0)
      rails-html-sanitizer (~> 1.1, >= 1.2.0)
    activesupport (6.1.3.2)
      concurrent-ruby (~> 1.0, >= 1.0.2)
      i18n (>= 1.6, < 2)
      minitest (>= 5.1)
      tzinfo (~> 2.0)
      zeitwerk (~> 2.3)
    builder (3.3.0)
    byebug (11.1.3)
    concurrent-ruby (1.3.4)
    crass (1.0.6)
    date (3.4.1)
    diff-lcs (1.5.1)
    erubi (1.13.0)
    hoe (2.16.1)
      rake (~> 0.8)
    hoe-bundler (1.5.0)
    hoe-yard (0.1.3)
      yard (~> 0.8)
    i18n (1.14.6)
      concurrent-ruby (~> 1.0)
    i18n-inflector (2.6.7)
      i18n (>= 0.4.1)
    loofah (2.23.1)
      crass (~> 1.0.2)
      nokogiri (>= 1.12.0)
    method_source (1.1.0)
    minitest (5.25.4)
    nokogiri (1.17.2-arm64-darwin)
      racc (~> 1.4)
    nokogiri (1.17.2-x86_64-darwin)
      racc (~> 1.4)
    psych (5.2.1)
      date
      stringio
    racc (1.8.1)
    rack (2.2.10)
    rack-test (2.1.0)
      rack (>= 1.3)
    rails-dom-testing (2.2.0)
      activesupport (>= 5.0.0)
      minitest
      nokogiri (>= 1.6)
    rails-html-sanitizer (1.6.2)
      loofah (~> 2.21)
      nokogiri (>= 1.15.7, != 1.16.7, != 1.16.6, != 1.16.5, != 1.16.4, != 1.16.3, != 1.16.2, != 1.16.1, != 1.16.0.rc1, != 1.16.0)
    railties (6.1.3.2)
      actionpack (= 6.1.3.2)
      activesupport (= 6.1.3.2)
      method_source
      rake (>= 0.8.7)
      thor (~> 1.0)
    rake (0.9.6)
    rdoc (6.9.1)
      psych (>= 4.0.0)
    rspec (3.13.0)
      rspec-core (~> 3.13.0)
      rspec-expectations (~> 3.13.0)
      rspec-mocks (~> 3.13.0)
    rspec-core (3.13.2)
      rspec-support (~> 3.13.0)
    rspec-expectations (3.13.3)
      diff-lcs (>= 1.2.0, < 2.0)
      rspec-support (~> 3.13.0)
    rspec-mocks (3.13.2)
      diff-lcs (>= 1.2.0, < 2.0)
      rspec-support (~> 3.13.0)
    rspec-support (3.13.2)
    stringio (3.1.2)
    thor (1.3.2)
    tzinfo (2.0.6)
      concurrent-ruby (~> 1.0)
    yard (0.9.37)
    zeitwerk (2.7.1)

PLATFORMS
  arm64-darwin-23
  x86_64-darwin-19

DEPENDENCIES
  actionpack (>= 3.0.0)
  bundler (>= 2.3.0)
  byebug (~> 11.1.3)
  hoe (~> 2.16)
  hoe-bundler (>= 1.1.0)
  hoe-yard (>= 0.1.3)
  i18n-inflector (~> 2.6)
  railties (>= 3.0.0)
  rdoc (>= 3.8.0)
  rspec (>= 2.6.0)
  yard (>= 0.7.2)

BUNDLED WITH
   2.5.22
